GIT
  remote: https://github.com/scottmacphersonmusic/music_theory.git
  revision: 2a0107d41c791e2ec12e3b3c1209db22834415e4
  specs:
    music_theory (0.3.2)
      wavefile

GEM
  remote: https://rubygems.org/
  specs:
    wavefile (0.6.0)

PLATFORMS
  ruby

DEPENDENCIES
  music_theory!
  wavefile

BUNDLED WITH
   1.10.6
